REDIRECTS: ON
RESTRICTION: == net461
NUGET
  remote: https://www.nuget.org/api/v2
    Akka (1.3.9)
      Newtonsoft.Json (>= 9.0.1)
      System.Collections.Immutable (>= 1.3.1)
    Akka.Cluster (1.3.9)
      Akka.Remote (>= 1.3.9)
    Akka.Cluster.Sharding (1.3.9-beta68)
      Akka.Cluster.Tools (>= 1.3.9-beta68)
      Akka.DistributedData (>= 1.3.9-beta68)
      Akka.Persistence (>= 1.3.9-beta68)
    Akka.Cluster.Tools (1.3.9)
      Akka.Cluster (>= 1.3.9)
    Akka.DistributedData (1.3.9-beta68)
      Akka.Cluster (>= 1.3.9-beta68)
      Hyperion (>= 0.9.6)
    Akka.Logger.Serilog (1.3.6)
      Akka (>= 1.3.6)
      Serilog (>= 2.6)
    Akka.Persistence (1.3.9)
      Akka (>= 1.3.9)
      Google.Protobuf (>= 3.3)
    Akka.Persistence.Query (1.3.6)
      Akka.Persistence (>= 1.3.6)
      Akka.Streams (>= 1.3.6)
    Akka.Persistence.Query.Sql (1.3.6)
      Akka.Persistence (>= 1.3.6)
      Akka.Persistence.Query (>= 1.3.6)
      Akka.Persistence.Sql.Common (>= 1.3.6)
    Akka.Persistence.Sql.Common (1.3.6)
      Akka.Persistence (>= 1.3.6)
    Akka.Persistence.SqlServer (1.3.2)
      Akka (>= 1.3.2)
      Akka.Persistence (>= 1.3.2)
      Akka.Persistence.Sql.Common (>= 1.3.2)
      Akka.TestKit (>= 1.3.2)
    Akka.Remote (1.3.9)
      Akka (>= 1.3.9)
      DotNetty.Handlers (>= 0.4.8)
      Google.Protobuf (>= 3.3)
    Akka.Serialization.Hyperion (1.3.9-beta68)
      Akka (>= 1.3.9-beta68)
      Hyperion (>= 0.9.8)
    Akka.Streams (1.3.9)
      Akka (>= 1.3.9)
      Reactive.Streams (>= 1.0.2)
    Akka.TestKit (1.3.6)
      Akka (>= 1.3.6)
    Akkling (0.9.3)
      Akka (>= 1.3.8)
      Akka.Serialization.Hyperion (>= 1.3.8-beta66)
      FSharp.Core (>= 4.3.4)
    Akkling.Cluster.Sharding (0.9.3)
      Akka.Cluster.Sharding (>= 1.3.8-beta66)
      Akkling (>= 0.9.3)
      Akkling.DistributedData (>= 0.9.3)
      Akkling.Persistence (>= 0.9.3)
      FSharp.Core (>= 4.3.4)
      System.ValueTuple (>= 4.5)
    Akkling.DistributedData (0.9.3)
      Akka.DistributedData (>= 1.3.8-beta66)
      Akkling (>= 0.9.3)
      FSharp.Core (>= 4.3.4)
      System.ValueTuple (>= 4.5)
    Akkling.Persistence (0.9.3)
      Akka.Persistence (>= 1.3.8)
      Akkling (>= 0.9.3)
      Akkling.Streams (>= 0.9.3)
      FSharp.Core (>= 4.3.4)
      System.ValueTuple (>= 4.5)
    Akkling.Streams (0.9.3)
      Akka.Streams (>= 1.3.8)
      Akkling (>= 0.9.3)
      FSharp.Core (>= 4.3.4)
      System.ValueTuple (>= 4.5)
    DotNetty.Buffers (0.4.8)
      DotNetty.Common (>= 0.4.8)
      System.Runtime.CompilerServices.Unsafe (>= 4.4)
    DotNetty.Codecs (0.4.8)
      DotNetty.Buffers (>= 0.4.8)
      DotNetty.Common (>= 0.4.8)
      DotNetty.Transport (>= 0.4.8)
      System.Collections.Immutable (>= 1.3.1)
    DotNetty.Common (0.4.8)
      Microsoft.Extensions.Logging (>= 1.1.1)
      System.Runtime.CompilerServices.Unsafe (>= 4.4)
    DotNetty.Handlers (0.4.8)
      DotNetty.Buffers (>= 0.4.8)
      DotNetty.Codecs (>= 0.4.8)
      DotNetty.Common (>= 0.4.8)
      DotNetty.Transport (>= 0.4.8)
    DotNetty.Transport (0.4.8)
      DotNetty.Buffers (>= 0.4.8)
      DotNetty.Common (>= 0.4.8)
      System.Threading.Tasks.Extensions (>= 4.4)
    FSharp.Compiler.Tools (10.0.1)
    FSharp.Core (4.3.4)
    Google.Protobuf (3.6.1)
    Hyperion (0.9.8)
    Microsoft.Extensions.DependencyInjection.Abstractions (2.1.1)
    Microsoft.Extensions.Logging (1.1.2)
      Microsoft.Extensions.DependencyInjection.Abstractions (>= 1.1.1)
      Microsoft.Extensions.Logging.Abstractions (>= 1.1.2)
      NETStandard.Library (>= 1.6.1)
    Microsoft.Extensions.Logging.Abstractions (1.1.2)
      NETStandard.Library (>= 1.6.1)
    Microsoft.NETCore.Platforms (2.1.1)
    NETStandard.Library (2.0.3)
      Microsoft.NETCore.Platforms (>= 1.1)
    Newtonsoft.Json (11.0.2)
    Reactive.Streams (1.0.2)
    Serilog (2.7.1)
    System.Collections.Immutable (1.5)
    System.Runtime.CompilerServices.Unsafe (4.5.2)
    System.Threading.Tasks.Extensions (4.5.1)
      System.Runtime.CompilerServices.Unsafe (>= 4.5)
    System.ValueTuple (4.5)
